GEM
  remote: https://rubygems.org/
  specs:
    actioncable (5.1.0.rc1)
      actionpack (= 5.1.0.rc1)
      nio4r (~> 2.0)
      websocket-driver (~> 0.6.1)
    actionmailer (5.1.0.rc1)
      actionpack (= 5.1.0.rc1)
      actionview (= 5.1.0.rc1)
      activejob (= 5.1.0.rc1)
      mail (~> 2.5, >= 2.5.4)
      rails-dom-testing (~> 2.0)
    actionpack (5.1.0.rc1)
      actionview (= 5.1.0.rc1)
      activesupport (= 5.1.0.rc1)
      rack (~> 2.0)
      rack-test (~> 0.6.3)
      rails-dom-testing (~> 2.0)
      rails-html-sanitizer (~> 1.0, >= 1.0.2)
    actionview (5.1.0.rc1)
      activesupport (= 5.1.0.rc1)
      builder (~> 3.1)
      erubi (~> 1.4)
      rails-dom-testing (~> 2.0)
      rails-html-sanitizer (~> 1.0, >= 1.0.3)
    activejob (5.1.0.rc1)
      activesupport (= 5.1.0.rc1)
      globalid (>= 0.3.6)
    activemodel (5.1.0.rc1)
      activesupport (= 5.1.0.rc1)
    activerecord (5.1.0.rc1)
      activemodel (= 5.1.0.rc1)
      activesupport (= 5.1.0.rc1)
      arel (~> 8.0)
    activesupport (5.1.0.rc1)
      concurrent-ruby (~> 1.0, >= 1.0.2)
      i18n (~> 0.7)
      minitest (~> 5.1)
      tzinfo (~> 1.1)
    addressable (2.5.0)
      public_suffix (~> 2.0, >= 2.0.2)
    arel (8.0.0)
    bcrypt (3.1.11)
    builder (3.2.3)
    bundler-audit (0.5.0)
      bundler (~> 1.2)
      thor (~> 0.18)
    byebug (9.0.6)
    childprocess (0.6.3)
      ffi (~> 1.0, >= 1.0.11)
    chronic (0.10.2)
    city-state (0.0.13)
      rubyzip (~> 1.1)
    coffee-rails (4.2.1)
      coffee-script (>= 2.2.0)
      railties (>= 4.0.0, < 5.2.x)
    coffee-script (2.4.1)
      coffee-script-source
      execjs
    coffee-script-source (1.12.2)
    concurrent-ruby (1.0.5)
    connection_pool (2.2.1)
    crack (0.4.3)
      safe_yaml (~> 1.0.0)
    debug_inspector (0.0.2)
    declarative (0.0.9)
    declarative-option (0.1.0)
    devise (4.2.1)
      bcrypt (~> 3.0)
      orm_adapter (~> 0.1)
      railties (>= 4.1.0, < 5.1)
      responders
      warden (~> 1.2.3)
    diff-lcs (1.3)
    dotenv (2.2.0)
    dotenv-rails (2.2.0)
      dotenv (= 2.2.0)
      railties (>= 3.2, < 5.1)
    erubi (1.6.0)
    erubis (2.7.0)
    execjs (2.7.0)
    factory_girl (4.8.0)
      activesupport (>= 3.0.0)
    factory_girl_rails (4.8.0)
      factory_girl (~> 4.8.0)
      railties (>= 3.0.0)
    faraday (0.11.0)
      multipart-post (>= 1.2, < 3)
    ffi (1.9.18)
    foreman (0.83.0)
      thor (~> 0.19.1)
    geocoder (1.4.3)
    geokit (1.10.0)
    geokit-rails (2.2.0)
      geokit (~> 1.5)
      rails (>= 3.0)
    globalid (0.3.7)
      activesupport (>= 4.1.0)
    google-api-client (0.10.1)
      addressable (~> 2.3)
      googleauth (~> 0.5)
      httpclient (~> 2.7)
      hurley (~> 0.1)
      memoist (~> 0.11)
      mime-types (>= 1.6)
      representable (~> 3.0)
      retriable (>= 2.0, < 4.0)
    googleauth (0.5.1)
      faraday (~> 0.9)
      jwt (~> 1.4)
      logging (~> 2.0)
      memoist (~> 0.12)
      multi_json (~> 1.11)
      os (~> 0.9)
      signet (~> 0.7)
    haml (4.0.7)
      tilt
    haml-rails (0.9.0)
      actionpack (>= 4.0.1)
      activesupport (>= 4.0.1)
      haml (>= 4.0.6, < 5.0)
      html2haml (>= 1.0.1)
      railties (>= 4.0.1)
    hashdiff (0.3.2)
    hirb (0.7.3)
    html2haml (2.1.0)
      erubis (~> 2.7.0)
      haml (~> 4.0)
      nokogiri (>= 1.6.0)
      ruby_parser (~> 3.5)
    httpclient (2.8.3)
    humane-rails (5.1.0)
      rails (>= 3.2.0)
    hurley (0.2)
    i18n (0.8.1)
    json (2.0.3)
    jwt (1.5.6)
    listen (3.1.5)
      rb-fsevent (~> 0.9, >= 0.9.4)
      rb-inotify (~> 0.9, >= 0.9.7)
      ruby_dep (~> 1.2)
    little-plugger (1.1.4)
    logging (2.2.0)
      little-plugger (~> 1.1)
      multi_json (~> 1.10)
    loofah (2.0.3)
      nokogiri (>= 1.5.9)
    mail (2.6.4)
      mime-types (>= 1.16, < 4)
    memoist (0.15.0)
    method_source (0.8.2)
    mime-types (3.1)
      mime-types-data (~> 3.2015)
    mime-types-data (3.2016.0521)
    mini_portile2 (2.1.0)
    minitest (5.10.1)
    multi_json (1.12.1)
    multipart-post (2.0.0)
    nio4r (2.0.0)
    nokogiri (1.7.1)
      mini_portile2 (~> 2.1.0)
    orm_adapter (0.5.0)
    os (0.9.6)
    pdf-core (0.7.0)
    pg (0.20.0)
    phony (2.15.42)
    phony_rails (0.14.5)
      activesupport (>= 3.0)
      phony (~> 2.15)
    prawn (2.2.2)
      pdf-core (~> 0.7.0)
      ttfunk (~> 1.5)
    public_suffix (2.0.5)
    puma (3.8.2)
    pundit (1.1.0)
      activesupport (>= 3.0.0)
    rack (2.0.1)
    rack-protection (1.5.3)
      rack
    rack-test (0.6.3)
      rack (>= 1.0)
    rack-timeout (0.4.2)
    rails (5.1.0.rc1)
      actioncable (= 5.1.0.rc1)
      actionmailer (= 5.1.0.rc1)
      actionpack (= 5.1.0.rc1)
      actionview (= 5.1.0.rc1)
      activejob (= 5.1.0.rc1)
      activemodel (= 5.1.0.rc1)
      activerecord (= 5.1.0.rc1)
      activesupport (= 5.1.0.rc1)
      bundler (>= 1.3.0, < 2.0)
      railties (= 5.1.0.rc1)
      sprockets-rails (>= 2.0.0)
    rails-controller-testing (1.0.1)
      actionpack (~> 5.x)
      actionview (~> 5.x)
      activesupport (~> 5.x)
    rails-dom-testing (2.0.2)
      activesupport (>= 4.2.0, < 6.0)
      nokogiri (~> 1.6)
    rails-html-sanitizer (1.0.3)
      loofah (~> 2.0)
    railties (5.1.0.rc1)
      actionpack (= 5.1.0.rc1)
      activesupport (= 5.1.0.rc1)
      method_source
      rake (>= 0.8.7)
      thor (>= 0.18.1, < 2.0)
    rake (12.0.0)
    rb-fsevent (0.9.8)
    rb-inotify (0.9.8)
      ffi (>= 0.5.0)
    redis (3.3.3)
    redis-namespace (1.5.3)
      redis (~> 3.0, >= 3.0.4)
    remote_syslog_logger (1.0.3)
      syslog_protocol
    representable (3.0.3)
      declarative (< 0.1.0)
      declarative-option (< 0.2.0)
      uber (< 0.2.0)
    responders (2.3.0)
      railties (>= 4.2.0, < 5.1)
    retriable (3.0.1)
    rolify (5.1.0)
    rspec (3.5.0)
      rspec-core (~> 3.5.0)
      rspec-expectations (~> 3.5.0)
      rspec-mocks (~> 3.5.0)
    rspec-core (3.5.4)
      rspec-support (~> 3.5.0)
    rspec-expectations (3.5.0)
      diff-lcs (>= 1.2.0, < 2.0)
      rspec-support (~> 3.5.0)
    rspec-mocks (3.5.0)
      diff-lcs (>= 1.2.0, < 2.0)
      rspec-support (~> 3.5.0)
    rspec-rails (3.5.2)
      actionpack (>= 3.0)
      activesupport (>= 3.0)
      railties (>= 3.0)
      rspec-core (~> 3.5.0)
      rspec-expectations (~> 3.5.0)
      rspec-mocks (~> 3.5.0)
      rspec-support (~> 3.5.0)
    rspec-support (3.5.0)
    ruby_dep (1.5.0)
    ruby_parser (3.8.4)
      sexp_processor (~> 4.1)
    rubyzip (1.2.1)
    safe_yaml (1.0.4)
    sass (3.4.23)
    sass-rails (5.0.6)
      railties (>= 4.0.0, < 6)
      sass (~> 3.1)
      sprockets (>= 2.8, < 4.0)
      sprockets-rails (>= 2.0, < 4.0)
      tilt (>= 1.1, < 3)
    selenium-webdriver (3.3.0)
      childprocess (~> 0.5)
      rubyzip (~> 1.0)
      websocket (~> 1.0)
    sendgrid (1.2.4)
      json
    sexp_processor (4.8.0)
    shoulda-matchers (3.1.1)
      activesupport (>= 4.0.0)
    sidekiq (4.2.10)
      concurrent-ruby (~> 1.0)
      connection_pool (~> 2.2, >= 2.2.0)
      rack-protection (>= 1.5.0)
      redis (~> 3.2, >= 3.2.1)
    signet (0.7.3)
      addressable (~> 2.3)
      faraday (~> 0.9)
      jwt (~> 1.5)
      multi_json (~> 1.10)
    sinatra (1.0)
      rack (>= 1.0)
    spring (2.0.1)
      activesupport (>= 4.2)
    spring-commands-rspec (1.0.4)
      spring (>= 0.9.1)
    spring-watcher-listen (2.0.1)
      listen (>= 2.7, < 4.0)
      spring (>= 1.2, < 3.0)
    sprockets (3.7.1)
      concurrent-ruby (~> 1.0)
      rack (> 1, < 3)
    sprockets-rails (3.2.0)
      actionpack (>= 4.0)
      activesupport (>= 4.0)
      sprockets (>= 3.0.0)
    syslog_protocol (0.9.2)
    thor (0.19.4)
    thread_safe (0.3.6)
    tilt (2.0.7)
    timecop (0.8.1)
    timezone (1.2.6)
    tod (2.1.0)
    ttfunk (1.5.0)
    turbolinks (5.0.1)
      turbolinks-source (~> 5)
    turbolinks-source (5.0.0)
    twilio-ruby (4.13.0)
      builder (>= 2.1.2)
      jwt (~> 1.0)
      multi_json (>= 1.3.0)
    tzinfo (1.2.3)
      thread_safe (~> 0.1)
    uber (0.1.0)
    uglifier (3.1.10)
      execjs (>= 0.3.0, < 3)
    underscore-rails (1.8.3)
    vcr (3.0.3)
    warden (1.2.7)
      rack (>= 1.0)
    watir (6.2.1)
      selenium-webdriver (~> 3.0)
    web-console (3.4.0)
      actionview (>= 5.0)
      activemodel (>= 5.0)
      debug_inspector
      railties (>= 5.0)
    webmock (2.1.0)
      addressable (>= 2.3.6)
      crack (>= 0.3.2)
      hashdiff
    webpacker (1.1)
      activesupport (>= 4.2)
      multi_json (~> 1.2)
      railties (>= 4.2)
    websocket (1.2.4)
    websocket-driver (0.6.5)
      websocket-extensions (>= 0.1.0)
    websocket-extensions (0.1.2)
    will_paginate (3.1.5)
    zip-codes (0.2.1)

PLATFORMS
  ruby

DEPENDENCIES
  bundler-audit
  byebug
  chronic
  city-state
  coffee-rails
  devise
  dotenv-rails
  factory_girl_rails
  foreman
  geocoder
  geokit-rails
  google-api-client
  haml
  haml-rails
  hirb (~> 0.7.3)
  humane-rails
  listen (>= 3.0.5, < 3.2)
  pg
  phony_rails
  prawn
  puma
  pundit
  rack-timeout
  rails (= 5.1.0.rc1)
  rails-controller-testing
  redis
  redis-namespace
  remote_syslog_logger
  rolify
  rspec
  rspec-rails
  sass-rails
  sendgrid
  shoulda-matchers
  sidekiq
  sinatra
  spring
  spring-commands-rspec
  spring-watcher-listen (~> 2.0.0)
  timecop
  timezone
  tod
  turbolinks (~> 5)
  twilio-ruby
  uglifier (>= 1.3.0)
  underscore-rails
  vcr (~> 3.0.3)
  watir
  web-console
  webmock (~> 2.1.0)
  webpacker
  will_paginate
  zip-codes

RUBY VERSION
   ruby 2.3.1p112

BUNDLED WITH
   1.14.6
